PATH
  remote: .
  specs:
    stack_ds_int (0.1.0)

GEM
  remote: https://rubygems.org/
  specs:
    docile (1.3.2)
    json (2.3.0)
    minitest (5.14.0)
    rake (13.0.1)
    simplecov (0.17.1)
      docile (~> 1.1)
      json (>= 1.8, < 3)
      simplecov-html (~> 0.10.0)
    simplecov-html (0.10.2)

PLATFORMS
  ruby

DEPENDENCIES
  bundler (~> 2.1.2)
  minitest (~> 5.0)
  rake (~> 13.0)
  simplecov (~> 0.17.1)
  stack_ds_int!

BUNDLED WITH
   2.1.2
